GEM
  remote: https://rubygems.org/
  specs:
    autoprefixer-rails (5.2.0)
      execjs
      json
    bootstrap-sass (3.3.4.1)
      autoprefixer-rails (>= 5.0.0.1)
      sass (>= 3.2.19)
    coffee-script (2.4.1)
      coffee-script-source
      execjs
    coffee-script-source (1.9.1.1)
    daemons (1.2.2)
    eventmachine (1.0.7)
    execjs (2.5.2)
    haml (4.0.6)
      tilt
    json (1.8.3)
    rack (1.6.1)
    rack-protection (1.5.3)
      rack
    sass (3.4.14)
    sinatra (1.4.6)
      rack (~> 1.4)
      rack-protection (~> 1.4)
      tilt (>= 1.3, < 3)
    thin (1.6.0)
      daemons (>= 1.0.9)
      eventmachine (>= 1.0.0)
      rack (>= 1.5.0)
    tilt (2.0.1)

PLATFORMS
  ruby

DEPENDENCIES
  bootstrap-sass
  coffee-script
  haml
  sass
  sinatra
  thin (= 1.6.0)

BUNDLED WITH
   1.10.2
